GEM
  remote: https://rubygems.org/
  specs:
    anystyle (1.3.13)
      anystyle-data (~> 1.2)
      bibtex-ruby (~> 5.1)
      namae (~> 1.0)
      wapiti (~> 1.0, >= 1.0.2)
    anystyle-data (1.2.0)
    bibtex-ruby (5.1.6)
      latex-decode (~> 0.0)
    builder (3.2.4)
    json (2.6.0)
    latex-decode (0.3.2)
    mustermann (1.1.1)
      ruby2_keywords (~> 0.0.1)
    namae (1.1.1)
    rack (2.2.3)
    rack-protection (2.1.0)
      rack
    ruby2_keywords (0.0.5)
    sinatra (2.1.0)
      mustermann (~> 1.0)
      rack (~> 2.2)
      rack-protection (= 2.1.0)
      tilt (~> 2.0)
    tilt (2.0.10)
    wapiti (1.0.7)
      builder (~> 3.2)

PLATFORMS
  ruby

DEPENDENCIES
  anystyle
  json
  sinatra

BUNDLED WITH
   2.1.4
